GEM
  remote: http://rubygems.org/
  specs:
    adsf (1.1.1)
      rack (>= 1.0.0)
    colored (1.2)
    cri (2.3.0)
      colored (>= 1.2)
    ffi (1.9.0)
    listen (1.2.2)
      rb-fsevent (>= 0.9.3)
      rb-inotify (>= 0.9)
      rb-kqueue (>= 0.2)
    nanoc (3.6.4)
      cri (~> 2.3)
    rack (1.5.2)
    rb-fsevent (0.9.3)
    rb-inotify (0.9.0)
      ffi (>= 0.5.0)
    rb-kqueue (0.2.0)
      ffi (>= 0.5.0)
    slim (2.0.0)
      temple (~> 0.6.5)
      tilt (~> 1.3, >= 1.3.3)
    temple (0.6.5)
    tilt (1.4.1)

PLATFORMS
  ruby

DEPENDENCIES
  adsf
  listen
  nanoc
  slim
